PATH
  remote: .
  specs:
    sinatra-sequel_extension (0.9.1)
      sequel (>= 3.2)
      sinatra (>= 0.9.4)

GEM
  remote: https://rubygems.org/
  specs:
    appraisal (2.1.0)
      bundler
      rake
      thor (>= 0.14.0)
    colorize (0.7.7)
    coveralls (0.8.15)
      json (>= 1.8, < 3)
      simplecov (~> 0.12.0)
      term-ansicolor (~> 1.3)
      thor (~> 0.19.1)
      tins (>= 1.6.0, < 2)
    diff-lcs (1.2.5)
    docile (1.1.5)
    json (2.0.2)
    rack (1.6.4)
    rack-protection (1.5.3)
      rack
    rake (10.5.0)
    rspec (3.5.0)
      rspec-core (~> 3.5.0)
      rspec-expectations (~> 3.5.0)
      rspec-mocks (~> 3.5.0)
    rspec-core (3.5.3)
      rspec-support (~> 3.5.0)
    rspec-expectations (3.5.0)
      diff-lcs (>= 1.2.0, < 2.0)
      rspec-support (~> 3.5.0)
    rspec-mocks (3.5.0)
      diff-lcs (>= 1.2.0, < 2.0)
      rspec-support (~> 3.5.0)
    rspec-support (3.5.0)
    sequel (4.38.0)
    simplecov (0.12.0)
      docile (~> 1.1.0)
      json (>= 1.8, < 3)
      simplecov-html (~> 0.10.0)
    simplecov-html (0.10.0)
    sinatra (1.4.7)
      rack (~> 1.5)
      rack-protection (~> 1.4)
      tilt (>= 1.3, < 3)
    sqlite3 (1.3.11)
    term-ansicolor (1.4.0)
      tins (~> 1.0)
    thor (0.19.1)
    tilt (2.0.5)
    tins (1.12.0)

PLATFORMS
  ruby

DEPENDENCIES
  appraisal (~> 2.0)
  bundler (~> 1.6)
  colorize (~> 0.7.3)
  coveralls (~> 0.7)
  rake (~> 10.3)
  rspec (~> 3.0)
  simplecov (~> 0.9)
  sinatra-sequel_extension!
  sqlite3 (~> 1.3)

BUNDLED WITH
   1.11.2
